PATH
  remote: .
  specs:
    graph-git (0.1.0)

GEM
  remote: https://rubygems.org/
  specs:
    gruff (0.5.1)
      rmagick
    rake (10.4.2)
    rmagick (2.13.4)
    trollop (2.1.2)

PLATFORMS
  ruby

DEPENDENCIES
  bundler (~> 1.8)
  graph-git!
  gruff (~> 0.5.1)
  rake (~> 10.0)
  rmagick (~> 2.13.4)
  trollop (~> 2.1.2)
